PATH
  remote: .
  specs:
    reporter2 (0.0.1)

GEM
  remote: http://rubygems.org/
  specs:

PLATFORMS
  ruby

DEPENDENCIES
  reporter2!
